GEM
  remote: https://rubygems.org/
  specs:
    pg (0.14.1)
    trollop (2.0)

PLATFORMS
  ruby

DEPENDENCIES
  pg
  trollop
