PATH
  remote: .
  specs:
    pg_nice_cluster (0.0.4)
      pg
      trollop

GEM
  remote: https://rubygems.org/
  specs:
    pg (0.14.1)
    trollop (2.0)

PLATFORMS
  ruby

DEPENDENCIES
  pg_nice_cluster!
